GIT
  remote: git://github.com/argosity/lanes.git
  revision: d2b28c2a3b9f6df641adf42b015e945304d92245
  branch: master
  specs:
    lanes (0.1.9.5)
      activerecord (~> 4.2)
      bcrypt (~> 3.1)
      closure-compiler (~> 1.1)
      coffee-react (~> 3.0)
      coffee-script (~> 2.3)
      compass-import-once (~> 1.0)
      execjs (~> 2.2)
      guard (~> 2.0)
      guard-jasmine (~> 2.0)
      guard-minitest (~> 2.3)
      hashie (~> 3.3)
      jasmine-core (~> 2.0)
      message_bus (~> 1.0)
      minitest-around (~> 0.2)
      mocha (~> 1.1)
      oj (~> 2.1)
      pg (~> 0.17)
      rack-test (~> 0.6)
      rack_csrf (~> 2.5)
      rake (~> 10.0)
      require_all (~> 1.3)
      sanitize (~> 3.0)
      sass (~> 3.4)
      sinatra (~> 1.4)
      sprockets (~> 3.0)
      sprockets-helpers (~> 1.2)
      thor (~> 0.19)
      yui-compressor (~> 0.12)

PATH
  remote: .
  specs:
    stockor (0.1.9)
      aasm (~> 4.1)
      lanes

GEM
  remote: https://rubygems.org/
  specs:
    aasm (4.2.0)
    activemodel (4.2.4)
      activesupport (= 4.2.4)
      builder (~> 3.1)
    activerecord (4.2.4)
      activemodel (= 4.2.4)
      activesupport (= 4.2.4)
      arel (~> 6.0)
    activesupport (4.2.4)
      i18n (~> 0.7)
      json (~> 1.7, >= 1.7.7)
      minitest (~> 5.1)
      thread_safe (~> 0.3, >= 0.3.4)
      tzinfo (~> 1.1)
    arel (6.0.3)
    bcrypt (3.1.10)
    builder (3.2.2)
    byebug (5.0.0)
      columnize (= 0.9.0)
    childprocess (0.5.6)
      ffi (~> 1.0, >= 1.0.11)
    closure-compiler (1.1.11)
    coderay (1.1.0)
    coffee-react (3.0.1)
      execjs
    coffee-script (2.4.1)
      coffee-script-source
      execjs
    coffee-script-source (1.9.1.1)
    columnize (0.9.0)
    compass-import-once (1.0.5)
      sass (>= 3.2, < 3.5)
    crass (1.0.2)
    execjs (2.6.0)
    faker (1.4.3)
      i18n (~> 0.5)
    ffi (1.9.10)
    formatador (0.2.5)
    growl (1.0.3)
    guard (2.13.0)
      formatador (>= 0.2.4)
      listen (>= 2.7, <= 4.0)
      lumberjack (~> 1.0)
      nenv (~> 0.1)
      notiffany (~> 0.0)
      pry (>= 0.9.12)
      shellany (~> 0.0)
      thor (>= 0.18.1)
    guard-compat (1.2.1)
    guard-jasmine (2.0.6)
      childprocess (~> 0.5)
      guard (~> 2.8)
      guard-compat (~> 1.2)
      jasmine (~> 2.2)
      multi_json (~> 1.1)
      thor (~> 0.19)
      tilt
    guard-minitest (2.4.4)
      guard-compat (~> 1.2)
      minitest (>= 3.0)
    hashie (3.4.2)
    i18n (0.7.0)
    jasmine (2.3.0)
      jasmine-core (~> 2.3)
      phantomjs
      rack (>= 1.2.1)
      rake
    jasmine-core (2.3.4)
    json (1.8.3)
    listen (3.0.3)
      rb-fsevent (>= 0.9.3)
      rb-inotify (>= 0.9)
    lumberjack (1.0.9)
    message_bus (1.0.16)
      rack (>= 1.1.3)
      redis
    metaclass (0.0.4)
    method_source (0.8.2)
    mini_portile (0.6.2)
    minitest (5.8.0)
    minitest-around (0.3.2)
      minitest (~> 5.0)
    mocha (1.1.0)
      metaclass (~> 0.0.1)
    multi_json (1.11.2)
    nenv (0.2.0)
    nokogiri (1.6.6.2)
      mini_portile (~> 0.6.0)
    nokogumbo (1.2.0)
      nokogiri
    notiffany (0.0.7)
      nenv (~> 0.1)
      shellany (~> 0.0)
    oj (2.12.13)
    pg (0.18.3)
    phantomjs (1.9.8.0)
    pry (0.10.1)
      coderay (~> 1.1.0)
      method_source (~> 0.8.1)
      slop (~> 3.4)
    pry-byebug (3.2.0)
      byebug (~> 5.0)
      pry (~> 0.10)
    puma (2.13.0)
    rack (1.6.4)
    rack-protection (1.5.3)
      rack
    rack-test (0.6.3)
      rack (>= 1.0)
    rack_csrf (2.5.0)
      rack (>= 1.1.0)
    rake (10.4.2)
    rb-fsevent (0.9.6)
    rb-inotify (0.9.5)
      ffi (>= 0.5.0)
    redis (3.2.1)
    require_all (1.3.2)
    sanitize (3.1.2)
      crass (~> 1.0.1)
      nokogiri (>= 1.4.4)
      nokogumbo (= 1.2.0)
    sass (3.4.18)
    shellany (0.0.1)
    sinatra (1.4.6)
      rack (~> 1.4)
      rack-protection (~> 1.4)
      tilt (>= 1.3, < 3)
    slop (3.6.0)
    sprockets (3.3.4)
      rack (~> 1.0)
    sprockets-helpers (1.2.1)
      sprockets (>= 2.2)
    thor (0.19.1)
    thread_safe (0.3.5)
    tilt (2.0.1)
    tzinfo (1.2.2)
      thread_safe (~> 0.1)
    yui-compressor (0.12.0)

PLATFORMS
  ruby

DEPENDENCIES
  bundler (~> 1.5)
  faker
  growl
  guard
  guard-minitest
  lanes!
  pry-byebug
  puma
  rake
  stockor!

BUNDLED WITH
   1.10.5
