GIT
  remote: https://github.com/argosity/lanes
  revision: 947461a8744f1aa781f1285b7e365e8e7b5866e7
  branch: master
  specs:
    lanes (0.6.1)
      actioncable (~> 5.0)
      activejob (~> 5.0)
      activerecord (~> 5.0)
      bcrypt (~> 3.1)
      coffee-react (~> 4.0)
      coffee-script (~> 2.4)
      compass-import-once (~> 1.0)
      execjs (~> 2.6)
      fastimage (~> 1.8.1)
      guard (~> 2.13)
      guard-jasmine (~> 2.1)
      guard-minitest (~> 2.3)
      hashie (~> 3.3)
      image_processing (~> 0.4)
      jasmine-core (~> 2.0)
      jobba (~> 1.4)
      mail (~> 2.6)
      mini_magick (~> 4.3.6)
      minitest-around (~> 0.2)
      mocha (~> 1.1)
      oj (~> 2.1)
      pg (~> 0.8)
      rack (~> 2.0)
      rack-cors (~> 0.4)
      rack-protection (~> 2.0.0.beta2)
      rack-test (~> 0.6)
      rake (~> 10.0)
      require_all (~> 1.3)
      resque (~> 1.25)
      sanitize (~> 3.0)
      sass (~> 3.4)
      shrine (~> 2.4)
      sinatra (~> 2.0.0.beta2)
      sprockets (= 3.6.3)
      sprockets-helpers (~> 1.2)
      thor (~> 0.19)
      uglifier (~> 2.7)

GIT
  remote: https://github.com/argosity/stockor
  revision: bfaca61737efaf06a35935a5b8bf00f7a1b57e49
  branch: master
  specs:
    stockor (0.5.0)
      aasm (~> 4.11)
      activemerchant (~> 1.62)
      erb_latex (= 1.0)
      lanes (~> 0.6)
      liquid (~> 4.0)
      numbers_in_words (~> 0.4.0)
      ruby-freshbooks (~> 0.4)

GEM
  remote: https://rubygems.org/
  specs:
    aasm (4.11.1)
    actioncable (5.2.6)
      actionpack (= 5.2.6)
      nio4r (~> 2.0)
      websocket-driver (>= 0.6.1)
    actionpack (5.2.6)
      actionview (= 5.2.6)
      activesupport (= 5.2.6)
      rack (~> 2.0, >= 2.0.8)
      rack-test (>= 0.6.3)
      rails-dom-testing (~> 2.0)
      rails-html-sanitizer (~> 1.0, >= 1.0.2)
    actionview (5.2.6)
      activesupport (= 5.2.6)
      builder (~> 3.1)
      erubi (~> 1.4)
      rails-dom-testing (~> 2.0)
      rails-html-sanitizer (~> 1.0, >= 1.0.3)
    activejob (5.2.6)
      activesupport (= 5.2.6)
      globalid (>= 0.3.6)
    activemerchant (1.119.0)
      activesupport (>= 4.2)
      builder (>= 2.1.2, < 4.0.0)
      i18n (>= 0.6.9)
      nokogiri (~> 1.4)
    activemodel (5.2.6)
      activesupport (= 5.2.6)
    activerecord (5.2.6)
      activemodel (= 5.2.6)
      activesupport (= 5.2.6)
      arel (>= 9.0)
    activesupport (5.2.6)
      concurrent-ruby (~> 1.0, >= 1.0.2)
      i18n (>= 0.7, < 2)
      minitest (~> 5.1)
      tzinfo (~> 1.1)
    addressable (2.5.0)
      public_suffix (~> 2.0, >= 2.0.2)
    apartment (1.2.0)
      activerecord (>= 3.1.2, < 6.0)
      rack (>= 1.3.6)
    arel (9.0.0)
    bcrypt (3.1.11)
    builder (3.2.4)
    childprocess (0.5.9)
      ffi (~> 1.0, >= 1.0.11)
    coderay (1.1.1)
    coffee-react (4.0.1)
      execjs
    coffee-script (2.4.1)
      coffee-script-source
      execjs
    coffee-script-source (1.12.2)
    compass-import-once (1.0.5)
      sass (>= 3.2, < 3.5)
    concurrent-ruby (1.1.8)
    crass (1.0.2)
    down (2.3.8)
    erb_latex (1.0.0)
    erubi (1.10.0)
    execjs (2.7.0)
    fastimage (1.8.1)
      addressable (~> 2.3, >= 2.3.5)
    ffi (1.9.14)
    formatador (0.2.5)
    globalid (0.4.2)
      activesupport (>= 4.2.0)
    guard (2.14.0)
      formatador (>= 0.2.4)
      listen (>= 2.7, < 4.0)
      lumberjack (~> 1.0)
      nenv (~> 0.1)
      notiffany (~> 0.0)
      pry (>= 0.9.12)
      shellany (~> 0.0)
      thor (>= 0.18.1)
    guard-compat (1.2.1)
    guard-jasmine (2.1.0)
      childprocess (~> 0.5)
      guard (~> 2.14)
      guard-compat (~> 1.2)
      jasmine (~> 2.4)
      multi_json (~> 1.12)
      thor (~> 0.19)
      tilt
    guard-minitest (2.4.6)
      guard-compat (~> 1.2)
      minitest (>= 3.0)
    hashie (3.4.6)
    httparty (0.14.0)
      multi_xml (>= 0.5.2)
    i18n (1.8.10)
      concurrent-ruby (~> 1.0)
    image_processing (0.4.1)
    jasmine (2.5.1)
      jasmine-core (>= 2.5.1, < 3.0.0)
      phantomjs
      rack (>= 1.2.1)
      rake
    jasmine-core (2.5.2)
    jobba (1.4.0)
      redis (~> 3.2)
      redis-namespace
    json (2.0.2)
    liquid (4.0.0)
    listen (3.1.5)
      rb-fsevent (~> 0.9, >= 0.9.4)
      rb-inotify (~> 0.9, >= 0.9.7)
      ruby_dep (~> 1.2)
    loofah (2.9.1)
      crass (~> 1.0.2)
      nokogiri (>= 1.5.9)
    lumberjack (1.0.10)
    mail (2.6.4)
      mime-types (>= 1.16, < 4)
    metaclass (0.0.4)
    method_source (0.8.2)
    mime-types (3.1)
      mime-types-data (~> 3.2015)
    mime-types-data (3.2016.0521)
    mini_magick (4.3.6)
    mini_portile2 (2.5.1)
    minitest (5.14.4)
    minitest-around (0.4.0)
      minitest (~> 5.0)
    mocha (1.2.1)
      metaclass (~> 0.0.1)
    mono_logger (1.1.0)
    multi_json (1.12.1)
    multi_xml (0.6.0)
    mustermann (1.0.0.beta2)
    nenv (0.3.0)
    nio4r (2.5.7)
    nokogiri (1.11.4)
      mini_portile2 (~> 2.5.0)
      racc (~> 1.4)
    nokogumbo (1.2.0)
      nokogiri
    notiffany (0.1.1)
      nenv (~> 0.1)
      shellany (~> 0.0)
    numbers_in_words (0.4.1)
    oj (2.18.0)
    pg (0.19.0)
    phantomjs (2.1.1.0)
    pry (0.10.4)
      coderay (~> 1.1.0)
      method_source (~> 0.8.1)
      slop (~> 3.4)
    public_suffix (2.0.5)
    puma (4.3.8)
      nio4r (~> 2.0)
    racc (1.5.2)
    rack (2.2.3)
    rack-cors (0.4.0)
    rack-protection (2.0.0.beta2)
      rack
    rack-test (0.8.3)
      rack (>= 1.0, < 3)
    rails-dom-testing (2.0.3)
      activesupport (>= 4.2.0)
      nokogiri (>= 1.6)
    rails-html-sanitizer (1.3.0)
      loofah (~> 2.3)
    rake (10.5.0)
    rb-fsevent (0.9.8)
    rb-inotify (0.9.7)
      ffi (>= 0.5.0)
    redis (3.3.2)
    redis-namespace (1.5.2)
      redis (~> 3.0, >= 3.0.4)
    require_all (1.4.0)
    resque (1.26.0)
      mono_logger (~> 1.0)
      multi_json (~> 1.0)
      redis-namespace (~> 1.3)
      sinatra (>= 0.9.2)
      vegas (~> 0.1.2)
    rollbar (2.14.0)
      multi_json
    ruby-freshbooks (0.4.1)
      builder (>= 2.1.2)
      httparty (>= 0.5.0)
    ruby_dep (1.5.0)
    sanitize (3.1.2)
      crass (~> 1.0.1)
      nokogiri (>= 1.4.4)
      nokogumbo (= 1.2.0)
    sass (3.4.23)
    shellany (0.0.1)
    shrine (2.5.0)
      down (>= 2.3.6)
    sinatra (2.0.0.beta2)
      mustermann (= 1.0.0.beta2)
      rack (~> 2.0)
      rack-protection (= 2.0.0.beta2)
      tilt (~> 2.0)
    slop (3.6.0)
    sprockets (3.6.3)
      concurrent-ruby (~> 1.0)
      rack (> 1, < 3)
    sprockets-helpers (1.2.1)
      sprockets (>= 2.2)
    thor (0.19.4)
    thread_safe (0.3.6)
    tilt (2.0.5)
    tzinfo (1.2.9)
      thread_safe (~> 0.1)
    uglifier (2.7.2)
      execjs (>= 0.3.0)
      json (>= 1.8.0)
    vegas (0.1.11)
      rack (>= 1.0.0)
    websocket-driver (0.7.3)
      websocket-extensions (>= 0.1.0)
    websocket-extensions (0.1.5)

PLATFORMS
  ruby

DEPENDENCIES
  apartment (~> 1.0)
  lanes!
  puma
  rake
  rollbar
  stockor!

BUNDLED WITH
   1.13.1
